GEM
  remote: https://rubygems.org/
  specs:
    addressable (2.3.8)
    concurrent-ruby (1.0.0)
    connection_pool (2.2.0)
    dotenv (2.0.2)
    faraday (0.9.2)
      multipart-post (>= 1.2, < 3)
    json (1.8.3)
    multipart-post (2.0.0)
    octokit (4.2.0)
      sawyer (~> 0.6.0, >= 0.5.3)
    puma (2.15.3)
    rack (1.6.4)
    rack-protection (1.5.3)
      rack
    redis (3.2.2)
    sawyer (0.6.0)
      addressable (~> 2.3.5)
      faraday (~> 0.8, < 0.10)
    sidekiq (4.0.1)
      concurrent-ruby (~> 1.0)
      connection_pool (~> 2.2, >= 2.2.0)
      json (~> 1.0)
      redis (~> 3.2, >= 3.2.1)
    sinatra (1.4.6)
      rack (~> 1.4)
      rack-protection (~> 1.4)
      tilt (>= 1.3, < 3)
    thor (0.19.1)
    tilt (2.0.1)
    webhook_handler (0.3.1)
      sidekiq (>= 3, < 5)
      sinatra (>= 1, < 2)
      thor

PLATFORMS
  ruby

DEPENDENCIES
  dotenv
  octokit (~> 4.0)
  puma
  webhook_handler (~> 0.3.0)

BUNDLED WITH
   1.10.6
